GEM
  remote: https://rubygems.org/
  specs:
    commit-time (1.0.0)
    github-graphql (1.2.2)
      json (~> 2.1)
    json (2.1.0)

PLATFORMS
  ruby

DEPENDENCIES
  commit-time (~> 1.0)
  github-graphql (~> 1.2)

BUNDLED WITH
   1.16.0
